PATH
  remote: .
  specs:
    mule_clip (0.1.0)
      clipboard (~> 1.1)
      ffi

GEM
  remote: https://rubygems.org/
  specs:
    clipboard (1.3.4)
    diff-lcs (1.4.4)
    ffi (1.13.1)
    rake (10.5.0)
    rspec (3.10.0)
      rspec-core (~> 3.10.0)
      rspec-expectations (~> 3.10.0)
      rspec-mocks (~> 3.10.0)
    rspec-core (3.10.0)
      rspec-support (~> 3.10.0)
    rspec-expectations (3.10.0)
      diff-lcs (>= 1.2.0, < 2.0)
      rspec-support (~> 3.10.0)
    rspec-mocks (3.10.0)
      diff-lcs (>= 1.2.0, < 2.0)
      rspec-support (~> 3.10.0)
    rspec-support (3.10.0)

PLATFORMS
  ruby

DEPENDENCIES
  bundler (~> 1.16)
  clipboard
  ffi
  mule_clip!
  rake (~> 10.0)
  rspec (~> 3.0)

BUNDLED WITH
   1.16.2
