GEM
  remote: https://rubygems.org/
  specs:
    clipboard (1.1.2)

PLATFORMS
  ruby

DEPENDENCIES
  clipboard
  ffi

BUNDLED WITH
   1.16.2
